GEM
  remote: http://rubygems.org/
  specs:
    coderay (1.1.0)
    hashie (2.0.5)
    httparty (0.12.0)
      json (~> 1.8)
      multi_xml (>= 0.5.2)
    json (1.8.2)
    marvelite (0.1.3)
      hashie (~> 2.0.5)
      httparty (~> 0.12.0)
    method_source (0.8.2)
    multi_xml (0.5.5)
    pry (0.10.1)
      coderay (~> 1.1.0)
      method_source (~> 0.8.1)
      slop (~> 3.4)
    rack (1.6.0)
    rack-protection (1.5.3)
      rack
    sinatra (1.4.5)
      rack (~> 1.4)
      rack-protection (~> 1.4)
      tilt (~> 1.3, >= 1.3.4)
    slop (3.6.0)
    sqlite3 (1.3.10)
    tilt (1.4.1)

PLATFORMS
  ruby

DEPENDENCIES
  marvelite
  pry
  sinatra
  sqlite3
